GEM
  remote: https://rubygems.org/
  specs:
    aquarium (0.5.1)
    coderay (1.0.9)
    method_source (0.8.2)
    pry (0.9.12.2)
      coderay (~> 1.0.5)
      method_source (~> 0.8)
      slop (~> 3.4)
    pry-remote (0.1.7)
      pry (~> 0.9)
      slop (~> 3.0)
    slop (3.4.6)

PLATFORMS
  ruby

DEPENDENCIES
  aquarium
  pry
  pry-remote
